GEM
  remote: https://rubygems.org/
  specs:
    backports (3.11.1)
    cucumber-core (3.1.0)
      backports (>= 3.8.0)
      cucumber-tag_expressions (~> 1.1.0)
      gherkin (>= 5.0.0)
    cucumber-tag_expressions (1.1.1)
    erubis (2.7.0)
    ffi-yajl (2.3.1)
      libyajl2 (~> 1.2)
    foodcritic (12.3.0)
      cucumber-core (>= 1.3)
      erubis
      ffi-yajl (~> 2.0)
      nokogiri (>= 1.5, < 2.0)
      rake
      rufus-lru (~> 1.0)
      treetop (~> 1.4)
    gherkin (5.0.0)
    libyajl2 (1.2.0)
    mini_portile2 (2.3.0)
    nokogiri (1.8.2)
      mini_portile2 (~> 2.3.0)
    polyglot (0.3.5)
    rake (12.3.0)
    rufus-lru (1.1.0)
    treetop (1.6.9)
      polyglot (~> 0.3)
    yajl-ruby (1.3.1)

PLATFORMS
  ruby

DEPENDENCIES
  foodcritic
  nokogiri (~> 1.8.1)
  yajl-ruby (~> 1.3.1)

BUNDLED WITH
   1.16.1
